GIT
  remote: https://github.com/rubyjedi/testunitxml.git
  revision: 7009c4ab68ca0566e160ee1bc2553258c1c92e81
  branch: master
  specs:
    rubyjedi-testunitxml (0.1.7.3)

PATH
  remote: .
  specs:
    soap4r_es (0.0.8)
      httpclient (~> 2.6)
      logger-application (~> 0.0.2)

GEM
  remote: http://rubygems.org/
  specs:
    ansi (1.5.0)
    ast (2.2.0)
    byebug (5.0.0)
      columnize (= 0.9.0)
    codeclimate-test-reporter (0.5.0)
      simplecov (>= 0.7.1, < 1.0.0)
    columnize (0.9.0)
    curb (0.9.3)
    docile (1.1.5)
    htmlentities (4.3.4)
    httpclient (2.8.0)
    json (1.8.3)
    libxml-ruby (2.8.0)
    logger-application (0.0.2)
    mini_portile2 (2.8.0)
    nokogiri (1.13.3)
      mini_portile2 (~> 2.8.0)
      racc (~> 1.4)
    oga (2.2)
      ast
      ruby-ll (~> 2.1)
    ox (2.4.1)
    power_assert (0.3.0)
    racc (1.6.0)
    rake (11.1.2)
    ruby-ll (2.1.2)
      ansi
      ast
    simplecov (0.11.2)
      docile (~> 1.1.0)
      json (~> 1.8)
      simplecov-html (~> 0.10.0)
    simplecov-html (0.10.0)
    test-unit (3.1.8)
      power_assert

PLATFORMS
  ruby

DEPENDENCIES
  byebug (~> 5.0.0)
  codeclimate-test-reporter
  curb
  htmlentities (~> 4.3.3)
  httpclient
  libxml-ruby
  logger-application
  nokogiri (~> 1.13.3)
  oga
  ox
  rake
  rubyjedi-testunitxml!
  soap4r_es!
  test-unit

BUNDLED WITH
   1.11.2
